PATH
  remote: .
  specs:
    pushyd (0.0.2)
      bunny
      chamber
      daemons
      json
      rest_client
      terminal-table

GEM
  remote: https://rubygems.org/
  specs:
    addressable (2.4.0)
    amq-protocol (2.0.1)
    ast (2.2.0)
    astrolabe (1.3.1)
      parser (~> 2.2)
    bunny (2.3.1)
      amq-protocol (>= 2.0.1)
    chamber (2.9.0)
      hashie (~> 3.3)
      thor (~> 0.19.1)
    daemons (1.2.3)
    diff-lcs (1.2.5)
    domain_name (0.5.20160310)
      unf (>= 0.0.5, < 1.0.0)
    hashie (3.4.4)
    http (0.9.9)
      addressable (~> 2.3)
      http-cookie (~> 1.0)
      http-form_data (~> 1.0.1)
      http_parser.rb (~> 0.6.0)
    http-cookie (1.0.2)
      domain_name (~> 0.5)
    http-form_data (1.0.1)
    http_parser.rb (0.6.0)
    json (1.8.3)
    netrc (0.7.9)
    parser (2.3.1.2)
      ast (~> 2.2)
    powerpack (0.1.1)
    rainbow (2.1.0)
    rake (11.1.2)
    rest_client (1.8.3)
      netrc (~> 0.7.7)
    rspec (3.4.0)
      rspec-core (~> 3.4.0)
      rspec-expectations (~> 3.4.0)
      rspec-mocks (~> 3.4.0)
    rspec-core (3.4.4)
      rspec-support (~> 3.4.0)
    rspec-expectations (3.4.0)
      diff-lcs (>= 1.2.0, < 2.0)
      rspec-support (~> 3.4.0)
    rspec-mocks (3.4.1)
      diff-lcs (>= 1.2.0, < 2.0)
      rspec-support (~> 3.4.0)
    rspec-support (3.4.1)
    rubocop (0.32.1)
      astrolabe (~> 1.3)
      parser (>= 2.2.2.5, < 3.0)
      powerpack (~> 0.1)
      rainbow (>= 1.99.1, < 3.0)
      ruby-progressbar (~> 1.4)
    ruby-progressbar (1.8.1)
    terminal-table (1.5.2)
    thor (0.19.1)
    unf (0.1.4)
      unf_ext
    unf_ext (0.0.7.2)

PLATFORMS
  ruby

DEPENDENCIES
  bundler (~> 1.6)
  http (~> 0.8)
  pushyd!
  rake
  rspec
  rubocop (~> 0.32.0)

BUNDLED WITH
   1.11.2
