PATH
  remote: .
  specs:
    pushyd (0.9.2)
      api-auth
      bunny (~> 2.3)
      chamber (~> 2.9)
      daemons
      json
      newrelic_rpm
      rest-client (~> 1.8)
      terminal-table

GEM
  remote: https://rubygems.org/
  specs:
    addressable (2.4.0)
    amq-protocol (2.0.1)
    api-auth (2.0.0)
    ast (2.3.0)
    bunny (2.4.0)
      amq-protocol (>= 2.0.1)
    chamber (2.9.0)
      hashie (~> 3.3)
      thor (~> 0.19.1)
    daemons (1.2.3)
    diff-lcs (1.2.5)
    domain_name (0.5.20160615)
      unf (>= 0.0.5, < 1.0.0)
    hashie (3.4.4)
    http (2.0.2)
      addressable (~> 2.3)
      http-cookie (~> 1.0)
      http-form_data (~> 1.0.1)
      http_parser.rb (~> 0.6.0)
    http-cookie (1.0.2)
      domain_name (~> 0.5)
    http-form_data (1.0.1)
    http_parser.rb (0.6.0)
    json (2.0.1)
    mime-types (2.99.2)
    netrc (0.11.0)
    newrelic_rpm (3.16.0.318)
    parser (2.3.1.2)
      ast (~> 2.2)
    powerpack (0.1.1)
    rainbow (2.1.0)
    rake (11.2.2)
    rest-client (1.8.0)
      http-cookie (>= 1.0.2, < 2.0)
      mime-types (>= 1.16, < 3.0)
      netrc (~> 0.7)
    rspec (3.5.0)
      rspec-core (~> 3.5.0)
      rspec-expectations (~> 3.5.0)
      rspec-mocks (~> 3.5.0)
    rspec-core (3.5.1)
      rspec-support (~> 3.5.0)
    rspec-expectations (3.5.0)
      diff-lcs (>= 1.2.0, < 2.0)
      rspec-support (~> 3.5.0)
    rspec-mocks (3.5.0)
      diff-lcs (>= 1.2.0, < 2.0)
      rspec-support (~> 3.5.0)
    rspec-support (3.5.0)
    rubocop (0.41.2)
      parser (>= 2.3.1.1, < 3.0)
      powerpack (~> 0.1)
      rainbow (>= 1.99.1, < 3.0)
      ruby-progressbar (~> 1.7)
      unicode-display_width (~> 1.0, >= 1.0.1)
    ruby-progressbar (1.8.1)
    terminal-table (1.6.0)
    thor (0.19.1)
    unf (0.1.4)
      unf_ext
    unf_ext (0.0.7.2)
    unicode-display_width (1.1.0)

PLATFORMS
  ruby

DEPENDENCIES
  bundler (~> 1.6)
  http (~> 2.0)
  pushyd!
  rake
  rspec
  rubocop

BUNDLED WITH
   1.11.2
